PATH
  remote: .
  specs:
    mae (0.1.0)

GEM
  remote: https://rubygems.org/
  specs:
    ffi (1.15.5)
    google-protobuf (3.20.1-x86_64-darwin)
    listen (3.7.1)
      rb-fsevent (~> 0.10, >= 0.10.3)
      rb-inotify (~> 0.9, >= 0.9.10)
    rake (13.0.6)
    rb-fsevent (0.11.1)
    rb-inotify (0.10.1)
      ffi (~> 1.0)
    sass-embedded (1.5.0)
      google-protobuf (~> 3.19)
      rake (>= 10.0.0)
    slim (4.1.0)
      temple (>= 0.7.6, < 0.9)
      tilt (>= 2.0.6, < 2.1)
    temple (0.8.2)
    tilt (2.0.10)
    webrick (1.7.0)

PLATFORMS
  x86_64-darwin-20

DEPENDENCIES
  listen
  mae!
  sass-embedded
  slim
  webrick

BUNDLED WITH
   2.3.7
